GEM
  remote: https://rubygems.org/
  specs:
    asciidoctor (2.0.23)
    rouge (4.5.2)

PLATFORMS
  arm64-darwin-24
  ruby

DEPENDENCIES
  asciidoctor
  rouge

BUNDLED WITH
   2.6.7
